PATH
  remote: .
  specs:
    easydocker (0.1.0)

GEM
  remote: https://rubygems.org/
  specs:
    json (2.6.2)
    minitest (5.16.3)
    rake (13.0.6)

PLATFORMS
  x86_64-linux

DEPENDENCIES
  easydocker!
  json (~> 2.6)
  minitest (~> 5.0)
  rake (~> 13.0)

BUNDLED WITH
   2.3.7
